GEM
  remote: https://rubygems.org/
  specs:
    base64 (0.3.0)
    concurrent-ruby (1.3.5)
    i18n (1.14.7)
      concurrent-ruby (~> 1.0)

PLATFORMS
  arm-linux-eabi
  ruby

DEPENDENCIES
  base64
  i18n

BUNDLED WITH
   2.6.9
